PATH
  remote: .
  specs:
    tor-manager (0.1.3)
      net-telnet (~> 0.1.1)
      socksify (~> 1.7.1)

GEM
  remote: https://rubygems.org/
  specs:
    minitest (5.11.3)
    net-telnet (0.1.1)
    rake (10.5.0)
    socksify (1.7.1)

PLATFORMS
  ruby

DEPENDENCIES
  bundler (~> 1.16)
  minitest (~> 5.0)
  rake (~> 10.0)
  tor-manager!

BUNDLED WITH
   1.16.1
